PATH
  remote: .
  specs:
    text_ru_api (0.1.3)
      httparty

GEM
  remote: https://rubygems.org/
  specs:
    httparty (0.13.7)
      json (~> 1.8)
      multi_xml (>= 0.5.2)
    json (1.8.1)
    multi_xml (0.5.5)

PLATFORMS
  ruby

DEPENDENCIES
  text_ru_api!

BUNDLED WITH
   1.12.0
